GEM
  remote: http://rubygems.org/
  specs:
    rake (0.8.7)
    sqlite3-ruby (1.3.2)
    test-unit (2.1.1)
    yajl-ruby (0.7.8)

PLATFORMS
  ruby

DEPENDENCIES
  rake
  sqlite3-ruby
  test-unit
  yajl-ruby
